PATH
  remote: .
  specs:
    henshin (0.1.0)

GEM
  remote: https://rubygems.org/
  specs:
    rake (10.4.2)

PLATFORMS
  ruby

DEPENDENCIES
  bundler (~> 1.9)
  henshin!
  rake (~> 10.0)
